GEM
  remote: http://rubygems.org/
  specs:
    crack (0.1.8)
    haml (3.0.24)
    httparty (0.6.1)
      crack (= 0.1.8)
    kgio (1.3.1)
    rack (1.2.1)
    shotgun (0.8)
      rack (>= 1.0)
    sinatra (1.1.0)
      rack (~> 1.1)
      tilt (~> 1.1)
    tilt (1.1)
    unicorn (2.0.1)
      kgio (~> 1.3.1)
      rack

PLATFORMS
  ruby

DEPENDENCIES
  haml
  httparty
  shotgun
  sinatra
  unicorn
